GEM
  remote: https://rubygems.org/
  specs:
    actionmailer (4.1.15)
      actionpack (= 4.1.15)
      actionview (= 4.1.15)
      mail (~> 2.5, >= 2.5.4)
    actionpack (4.1.15)
      actionview (= 4.1.15)
      activesupport (= 4.1.15)
      rack (~> 1.5.2)
      rack-test (~> 0.6.2)
    actionview (4.1.15)
      activesupport (= 4.1.15)
      builder (~> 3.1)
      erubis (~> 2.7.0)
    activemodel (4.1.15)
      activesupport (= 4.1.15)
      builder (~> 3.1)
    activerecord (4.1.15)
      activemodel (= 4.1.15)
      activesupport (= 4.1.15)
      arel (~> 5.0.0)
    activesupport (4.1.15)
      i18n (~> 0.6, >= 0.6.9)
      json (~> 1.7, >= 1.7.7)
      minitest (~> 5.1)
      thread_safe (~> 0.1)
      tzinfo (~> 1.1)
    airbrussh (1.0.1)
      sshkit (>= 1.6.1, != 1.7.0)
    arel (5.0.1.20140414130214)
    autoprefixer-rails (6.3.4)
      execjs
    bcrypt (3.1.11)
    bcrypt (3.1.11-x86-mingw32)
    bootstrap-sass (3.3.5)
      autoprefixer-rails (>= 5.0.0.1)
      sass (>= 3.2.19)
    bootstrap_form (2.3.0)
    builder (3.2.2)
    capistrano (3.4.0)
      i18n
      rake (>= 10.0.0)
      sshkit (~> 1.3)
    capistrano-bundler (1.1.4)
      capistrano (~> 3.1)
      sshkit (~> 1.2)
    capistrano-passenger (0.2.0)
      capistrano (~> 3.0)
    capistrano-rails (1.1.6)
      capistrano (~> 3.1)
      capistrano-bundler (~> 1.1)
    coffee-rails (4.0.1)
      coffee-script (>= 2.2.0)
      railties (>= 4.0.0, < 5.0)
    coffee-script (2.4.1)
      coffee-script-source
      execjs
    coffee-script-source (1.10.0)
    devise (3.5.6)
      bcrypt (~> 3.0)
      orm_adapter (~> 0.1)
      railties (>= 3.2.6, < 5)
      responders
      thread_safe (~> 0.1)
      warden (~> 1.2.3)
    erubis (2.7.0)
    execjs (2.6.0)
    haml (4.0.7)
      tilt
    haml-rails (0.9.0)
      actionpack (>= 4.0.1)
      activesupport (>= 4.0.1)
      haml (>= 4.0.6, < 5.0)
      html2haml (>= 1.0.1)
      railties (>= 4.0.1)
    hike (1.2.3)
    html2haml (2.0.0)
      erubis (~> 2.7.0)
      haml (~> 4.0.0)
      nokogiri (~> 1.6.0)
      ruby_parser (~> 3.5)
    i18n (0.7.0)
    jbuilder (2.4.1)
      activesupport (>= 3.0.0, < 5.1)
      multi_json (~> 1.2)
    jquery-datatables-rails (1.12.2)
      jquery-rails
    jquery-rails (3.1.4)
      railties (>= 3.0, < 5.0)
      thor (>= 0.14, < 2.0)
    jquery-turbolinks (2.1.0)
      railties (>= 3.1.0)
      turbolinks
    jquery-ui-rails (5.0.5)
      railties (>= 3.2.16)
    json (1.8.3)
    libv8 (3.16.14.13)
    mail (2.6.4)
      mime-types (>= 1.16, < 4)
    mime-types (3.0)
      mime-types-data (~> 3.2015)
    mime-types-data (3.2016.0221)
    mini_portile2 (2.0.0)
    minitest (5.8.4)
    multi_json (1.11.2)
    net-scp (1.2.1)
      net-ssh (>= 2.6.5)
    net-ssh (3.1.1)
    nokogiri (1.6.7.2)
      mini_portile2 (~> 2.0.0.rc2)
    nokogiri (1.6.7.2-x86-mingw32)
      mini_portile2 (~> 2.0.0.rc2)
    orm_adapter (0.5.0)
    pg (0.18.4)
    pg (0.18.4-x86-mingw32)
    rack (1.5.5)
    rack-test (0.6.3)
      rack (>= 1.0)
    rails (4.1.15)
      actionmailer (= 4.1.15)
      actionpack (= 4.1.15)
      actionview (= 4.1.15)
      activemodel (= 4.1.15)
      activerecord (= 4.1.15)
      activesupport (= 4.1.15)
      bundler (>= 1.3.0, < 2.0)
      railties (= 4.1.15)
      sprockets-rails (~> 2.0)
    rails-i18n (4.0.8)
      i18n (~> 0.7)
      railties (~> 4.0)
    railties (4.1.15)
      actionpack (= 4.1.15)
      activesupport (= 4.1.15)
      rake (>= 0.8.7)
      thor (>= 0.18.1, < 2.0)
    rake (11.1.1)
    rdoc (4.2.2)
      json (~> 1.4)
    ref (2.0.0)
    responders (1.1.2)
      railties (>= 3.2, < 4.2)
    ruby_parser (3.8.1)
      sexp_processor (~> 4.1)
    sass (3.2.19)
    sass-rails (4.0.5)
      railties (>= 4.0.0, < 5.0)
      sass (~> 3.2.2)
      sprockets (~> 2.8, < 3.0)
      sprockets-rails (~> 2.0)
    sdoc (0.4.1)
      json (~> 1.7, >= 1.7.7)
      rdoc (~> 4.0)
    sexp_processor (4.7.0)
    sprockets (2.12.4)
      hike (~> 1.2)
      multi_json (~> 1.0)
      rack (~> 1.0)
      tilt (~> 1.1, != 1.3.0)
    sprockets-rails (2.3.3)
      actionpack (>= 3.0)
      activesupport (>= 3.0)
      sprockets (>= 2.8, < 4.0)
    sqlite3 (1.3.11)
    sqlite3 (1.3.11-x86-mingw32)
    sshkit (1.9.0)
      net-scp (>= 1.1.2)
      net-ssh (>= 2.8.0)
    therubyracer (0.12.2)
      libv8 (~> 3.16.14.0)
      ref
    thor (0.19.1)
    thread_safe (0.3.5)
    tilt (1.4.1)
    turbolinks (2.5.3)
      coffee-rails
    tzinfo (1.2.2)
      thread_safe (~> 0.1)
    tzinfo-data (1.2016.3)
      tzinfo (>= 1.0.0)
    uglifier (3.0.0)
      execjs (>= 0.3.0, < 3)
    warden (1.2.6)
      rack (>= 1.0)

PLATFORMS
  ruby
  x86-mingw32

DEPENDENCIES
  airbrussh
  bootstrap-sass
  bootstrap_form
  capistrano-passenger
  capistrano-rails
  coffee-rails (~> 4.0.0)
  devise
  haml-rails
  jbuilder (~> 2.0)
  jquery-datatables-rails (~> 1.12.2)
  jquery-rails
  jquery-turbolinks
  jquery-ui-rails
  pg
  rails (~> 4.1.6)
  rails-i18n
  sass-rails (~> 4.0.3)
  sdoc (~> 0.4.0)
  sqlite3
  therubyracer
  turbolinks
  tzinfo-data
  uglifier (>= 1.3.0)

BUNDLED WITH
   1.11.2
